GIT
  remote: http://github.com/projectcypress/health-data-standards.git
  revision: 1f732798041d1843b51fd228e8f96ab9296e3650
  branch: develop
  specs:
    health-data-standards (0.5.0)
      builder (~> 3.0.0)
      erubis (~> 2.6)
      mongoid (~> 2.3.3)
      nokogiri (~> 1.4.7)
      uuid (~> 2.3.4)

PATH
  remote: .
  specs:
    record-merge (0.1.0)
      nokogiri (~> 1.4.4)

GEM
  remote: http://rubygems.org/
  specs:
    activemodel (3.1.3)
      activesupport (= 3.1.3)
      builder (~> 3.0.0)
      i18n (~> 0.6)
    activesupport (3.1.3)
      multi_json (~> 1.0)
    awesome_print (0.4.0)
    bson (1.5.2)
    builder (3.0.0)
    erubis (2.7.0)
    i18n (0.6.0)
    macaddr (1.5.0)
      systemu (>= 2.4.0)
    mongo (1.5.2)
      bson (= 1.5.2)
    mongoid (2.3.4)
      activemodel (~> 3.1)
      mongo (~> 1.3)
      tzinfo (~> 0.3.22)
    multi_json (1.0.4)
    nokogiri (1.4.7)
    rake (0.9.2.2)
    systemu (2.4.2)
    test-unit (2.4.3)
    tzinfo (0.3.31)
    uuid (2.3.4)
      macaddr (~> 1.0)

PLATFORMS
  ruby

DEPENDENCIES
  awesome_print (~> 0.3)
  health-data-standards!
  rake
  record-merge!
  test-unit
